GIT
  remote: https://github.com/edgeryders/administrate-field-nested_has_many.git
  revision: 1b941abaddd1aa55bafb51d1138bfb5ed2585bed
  branch: master
  specs:
    administrate-field-nested_has_many (1.1.0)
      administrate (> 0.8)
      cocoon (~> 1.2, >= 1.2.11)

GIT
  remote: https://github.com/edgeryders/annotator_store-gem
  revision: 68f25cfec2b9aa95093c414267ced46fbb2fc516
  branch: master
  specs:
    annotator_store (1.0.0)
      administrate (= 0.12.0)
      administrate-field-belongs_to_search
      ancestry
      deep_cloneable (~> 3.0.0)
      jbuilder
      kaminari (= 1.1.1)
      rails (>= 4.0)
      redcarpet

GIT
  remote: https://github.com/edgeryders/capistrano-puma.git
  revision: cf0c6a4624f14ec71e2f0918d48a5393adc4470f
  specs:
    capistrano3-puma (3.1.1)
      capistrano (~> 3.7)
      capistrano-bundler
      puma (~> 3.4)

GEM
  remote: https://rubygems.org/
  specs:
    actioncable (6.0.3.1)
      actionpack (= 6.0.3.1)
      nio4r (~> 2.0)
      websocket-driver (>= 0.6.1)
    actionmailbox (6.0.3.1)
      actionpack (= 6.0.3.1)
      activejob (= 6.0.3.1)
      activerecord (= 6.0.3.1)
      activestorage (= 6.0.3.1)
      activesupport (= 6.0.3.1)
      mail (>= 2.7.1)
    actionmailer (6.0.3.1)
      actionpack (= 6.0.3.1)
      actionview (= 6.0.3.1)
      activejob (= 6.0.3.1)
      mail (~> 2.5, >= 2.5.4)
      rails-dom-testing (~> 2.0)
    actionpack (6.0.3.1)
      actionview (= 6.0.3.1)
      activesupport (= 6.0.3.1)
      rack (~> 2.0, >= 2.0.8)
      rack-test (>= 0.6.3)
      rails-dom-testing (~> 2.0)
      rails-html-sanitizer (~> 1.0, >= 1.2.0)
    actiontext (6.0.3.1)
      actionpack (= 6.0.3.1)
      activerecord (= 6.0.3.1)
      activestorage (= 6.0.3.1)
      activesupport (= 6.0.3.1)
      nokogiri (>= 1.8.5)
    actionview (6.0.3.1)
      activesupport (= 6.0.3.1)
      builder (~> 3.1)
      erubi (~> 1.4)
      rails-dom-testing (~> 2.0)
      rails-html-sanitizer (~> 1.1, >= 1.2.0)
    actionview_precompiler (0.2.2)
      actionview (>= 6.0.a)
    active_model_serializers (0.8.4)
      activemodel (>= 3.0)
    activejob (6.0.3.1)
      activesupport (= 6.0.3.1)
      globalid (>= 0.3.6)
    activemodel (6.0.3.1)
      activesupport (= 6.0.3.1)
    activerecord (6.0.3.1)
      activemodel (= 6.0.3.1)
      activesupport (= 6.0.3.1)
    activestorage (6.0.3.1)
      actionpack (= 6.0.3.1)
      activejob (= 6.0.3.1)
      activerecord (= 6.0.3.1)
      marcel (~> 0.3.1)
    activesupport (6.0.3.1)
      concurrent-ruby (~> 1.0, >= 1.0.2)
      i18n (>= 0.7, < 2)
      minitest (~> 5.1)
      tzinfo (~> 1.1)
      zeitwerk (~> 2.2, >= 2.2.2)
    addressable (2.7.0)
      public_suffix (>= 2.0.2, < 5.0)
    administrate (0.12.0)
      actionpack (>= 4.2)
      actionview (>= 4.2)
      activerecord (>= 4.2)
      autoprefixer-rails (>= 6.0)
      datetime_picker_rails (~> 0.0.7)
      jquery-rails (>= 4.0)
      kaminari (>= 1.0)
      momentjs-rails (~> 2.8)
      sassc-rails (~> 2.1)
      selectize-rails (~> 0.6)
    administrate-field-belongs_to_search (0.7.0)
      administrate (>= 0.3, < 1.0)
      jbuilder (~> 2)
      rails (>= 4.2, < 7.0)
      selectize-rails (~> 0.6)
    airbrussh (1.4.0)
      sshkit (>= 1.6.1, != 1.7.0)
    ancestry (3.1.0)
      activerecord (>= 4.2.0)
    annotate (3.1.1)
      activerecord (>= 3.2, < 7.0)
      rake (>= 10.4, < 14.0)
    ast (2.4.1)
    autoprefixer-rails (9.8.6.1)
      execjs
    aws-eventstream (1.1.0)
    aws-partitions (1.329.0)
    aws-sdk-core (3.99.1)
      aws-eventstream (~> 1, >= 1.0.2)
      aws-partitions (~> 1, >= 1.239.0)
      aws-sigv4 (~> 1.1)
      jmespath (~> 1.0)
    aws-sdk-kms (1.31.0)
      aws-sdk-core (~> 3, >= 3.71.0)
      aws-sigv4 (~> 1.1)
    aws-sdk-s3 (1.66.0)
      aws-sdk-core (~> 3, >= 3.96.1)
      aws-sdk-kms (~> 1)
      aws-sigv4 (~> 1.1)
    aws-sdk-sns (1.25.1)
      aws-sdk-core (~> 3, >= 3.99.0)
      aws-sigv4 (~> 1.1)
    aws-sigv4 (1.2.0)
      aws-eventstream (~> 1, >= 1.0.2)
    barber (0.12.2)
      ember-source (>= 1.0, < 3.1)
      execjs (>= 1.2, < 3)
    bcrypt (3.1.3)
    better_errors (2.7.1)
      coderay (>= 1.0.0)
      erubi (>= 1.0.0)
      rack (>= 0.9.0)
    binding_of_caller (0.8.0)
      debug_inspector (>= 0.0.1)
    bootsnap (1.4.6)
      msgpack (~> 1.0)
    builder (3.2.4)
    bullet (6.1.0)
      activesupport (>= 3.0.0)
      uniform_notifier (~> 1.11)
    byebug (11.1.3)
    capistrano (3.14.1)
      airbrussh (>= 1.0.0)
      i18n
      rake (>= 10.0.0)
      sshkit (>= 1.9.0)
    capistrano-bundler (1.6.0)
      capistrano (~> 3.1)
    capistrano-chruby (0.1.2)
      capistrano (~> 3.0)
      sshkit (~> 1.3)
    capistrano-rails (1.5.0)
      capistrano (~> 3.1)
      capistrano-bundler (~> 1.1)
    capistrano-sidekiq (2.0.0.beta4)
      capistrano (>= 3.9.0)
      capistrano-bundler
      sidekiq (>= 6.0)
    cbor (0.5.9.6)
    certified (1.0.0)
    chunky_png (1.3.11)
    cocoon (1.2.14)
    coderay (1.1.3)
    colored2 (3.1.2)
    concurrent-ruby (1.1.6)
    connection_pool (2.2.3)
    cose (1.0.0)
      cbor (~> 0.5.9)
      openssl-signature_algorithm (~> 0.4.0)
    cppjieba_rb (0.3.3)
    crack (0.4.3)
      safe_yaml (~> 1.0.0)
    crass (1.0.6)
    css_parser (1.7.1)
      addressable
    datetime_picker_rails (0.0.7)
      momentjs-rails (>= 2.8.1)
    debug_inspector (0.0.3)
    deep_cloneable (3.0.0)
      activerecord (>= 3.1.0, < 7)
    diff-lcs (1.4.1)
    diffy (3.3.0)
    discourse-ember-source (3.12.2.0)
    discourse_image_optim (0.26.2)
      exifr (~> 1.2, >= 1.2.2)
      fspath (~> 3.0)
      image_size (~> 1.5)
      in_threads (~> 1.3)
      progress (~> 3.0, >= 3.0.1)
    docile (1.3.2)
    email_reply_trimmer (0.1.13)
    ember-data-source (3.0.2)
      ember-source (>= 2, < 3.0)
    ember-handlebars-template (0.8.0)
      barber (>= 0.11.0)
      sprockets (>= 3.3, < 4.1)
    ember-rails (0.18.5)
      active_model_serializers
      ember-data-source (>= 1.0.0.beta.5)
      ember-handlebars-template (>= 0.1.1, < 1.0)
      ember-source (>= 1.1.0)
      jquery-rails (>= 1.0.17)
      railties (>= 3.1)
    ember-source (2.18.2)
    erubi (1.9.0)
    excon (0.75.0)
    execjs (2.7.0)
    exifr (1.3.6)
    fabrication (2.21.1)
    fakeweb (1.3.0)
    faraday (1.0.1)
      multipart-post (>= 1.2, < 3)
    fast_blank (1.0.0)
    fast_xor (1.1.3)
      rake
      rake-compiler
    fast_xs (0.8.0)
    fastimage (2.1.7)
    ffi (1.13.1)
    flamegraph (0.9.5)
    fspath (3.1.2)
    gc_tracer (1.5.1)
    globalid (0.4.2)
      activesupport (>= 4.2.0)
    guess_html_encoding (0.0.11)
    hashdiff (1.0.1)
    hashie (4.1.0)
    highline (1.7.10)
    hkdf (0.3.0)
    htmlentities (4.3.4)
    http_accept_language (2.1.1)
    i18n (1.8.5)
      concurrent-ruby (~> 1.0)
    image_size (1.5.0)
    in_threads (1.5.4)
    jbuilder (2.10.0)
      activesupport (>= 5.0.0)
    jmespath (1.4.0)
    jquery-rails (4.4.0)
      rails-dom-testing (>= 1, < 3)
      railties (>= 4.2.0)
      thor (>= 0.14, < 2.0)
    json (2.3.0)
    json-schema (2.8.1)
      addressable (>= 2.4)
    jwt (2.2.1)
    kaminari (1.1.1)
      activesupport (>= 4.1.0)
      kaminari-actionview (= 1.1.1)
      kaminari-activerecord (= 1.1.1)
      kaminari-core (= 1.1.1)
    kaminari-actionview (1.1.1)
      actionview
      kaminari-core (= 1.1.1)
    kaminari-activerecord (1.1.1)
      activerecord
      kaminari-core (= 1.1.1)
    kaminari-core (1.1.1)
    kgio (2.11.3)
    libv8 (7.3.492.27.1)
    listen (3.2.1)
      rb-fsevent (~> 0.10, >= 0.10.3)
      rb-inotify (~> 0.9, >= 0.9.10)
    lograge (0.11.2)
      actionpack (>= 4)
      activesupport (>= 4)
      railties (>= 4)
      request_store (~> 1.0)
    logstash-event (1.2.02)
    logstash-logger (0.26.1)
      logstash-event (~> 1.2)
    logster (2.9.0)
    loofah (2.6.0)
      crass (~> 1.0.2)
      nokogiri (>= 1.5.9)
    lru_redux (1.1.0)
    lz4-ruby (0.3.3)
    mail (2.7.1)
      mini_mime (>= 0.1.1)
    marcel (0.3.3)
      mimemagic (~> 0.3.2)
    maxminddb (0.1.22)
    memory_profiler (0.9.14)
    message_bus (3.3.1)
      rack (>= 1.1.3)
    method_source (1.0.0)
    mimemagic (0.3.5)
    mini_mime (1.0.2)
    mini_portile2 (2.4.0)
    mini_racer (0.2.14)
      libv8 (> 7.3)
    mini_scheduler (0.12.2)
      sidekiq
    mini_sql (0.2.5)
    mini_suffix (0.3.0)
      ffi (~> 1.9)
    minitest (5.14.1)
    mocha (1.11.2)
    mock_redis (0.24.0)
    momentjs-rails (2.20.1)
      railties (>= 3.1)
    msgpack (1.3.3)
    multi_json (1.14.1)
    multi_xml (0.6.0)
    multipart-post (2.1.1)
    mustache (1.1.1)
    net-scp (3.0.0)
      net-ssh (>= 2.6.5, < 7.0.0)
    net-ssh (6.1.0)
    nio4r (2.5.2)
    nokogiri (1.10.10)
      mini_portile2 (~> 2.4.0)
    nokogumbo (2.0.2)
      nokogiri (~> 1.8, >= 1.8.4)
    oauth (0.5.4)
    oauth2 (1.4.4)
      faraday (>= 0.8, < 2.0)
      jwt (>= 1.0, < 3.0)
      multi_json (~> 1.3)
      multi_xml (~> 0.5)
      rack (>= 1.2, < 3)
    oj (3.10.6)
    omniauth (1.9.1)
      hashie (>= 3.4.6)
      rack (>= 1.6.2, < 3)
    omniauth-facebook (6.0.0)
      omniauth-oauth2 (~> 1.2)
    omniauth-github (1.4.0)
      omniauth (~> 1.5)
      omniauth-oauth2 (>= 1.4.0, < 2.0)
    omniauth-google-oauth2 (0.8.0)
      jwt (>= 2.0)
      omniauth (>= 1.1.1)
      omniauth-oauth2 (>= 1.6)
    omniauth-instagram (1.3.0)
      omniauth (~> 1)
      omniauth-oauth2 (~> 1)
    omniauth-oauth (1.1.0)
      oauth
      omniauth (~> 1.0)
    omniauth-oauth2 (1.6.0)
      oauth2 (~> 1.1)
      omniauth (~> 1.9)
    omniauth-twitter (1.4.0)
      omniauth-oauth (~> 1.1)
      rack
    onebox (1.9.29)
      addressable (~> 2.7.0)
      htmlentities (~> 4.3)
      multi_json (~> 1.11)
      mustache
      nokogiri (~> 1.7)
      sanitize
    openssl-signature_algorithm (0.4.0)
    optimist (3.0.1)
    parallel (1.19.2)
    parallel_tests (3.0.0)
      parallel
    parser (2.7.1.4)
      ast (~> 2.4.1)
    pg (1.2.3)
    progress (3.5.2)
    pry (0.13.1)
      coderay (~> 1.1)
      method_source (~> 1.0)
    pry-byebug (3.9.0)
      byebug (~> 11.0)
      pry (~> 0.13.0)
    pry-rails (0.3.9)
      pry (>= 0.10.4)
    public_suffix (4.0.5)
    puma (3.12.6)
    r2 (0.2.7)
    rack (2.2.2)
    rack-mini-profiler (2.0.2)
      rack (>= 1.2.0)
    rack-protection (2.0.8.1)
      rack
    rack-test (1.1.0)
      rack (>= 1.0, < 3)
    rails (6.0.3.1)
      actioncable (= 6.0.3.1)
      actionmailbox (= 6.0.3.1)
      actionmailer (= 6.0.3.1)
      actionpack (= 6.0.3.1)
      actiontext (= 6.0.3.1)
      actionview (= 6.0.3.1)
      activejob (= 6.0.3.1)
      activemodel (= 6.0.3.1)
      activerecord (= 6.0.3.1)
      activestorage (= 6.0.3.1)
      activesupport (= 6.0.3.1)
      bundler (>= 1.3.0)
      railties (= 6.0.3.1)
      sprockets-rails (>= 2.0.0)
    rails-dom-testing (2.0.3)
      activesupport (>= 4.2.0)
      nokogiri (>= 1.6)
    rails-html-sanitizer (1.3.0)
      loofah (~> 2.3)
    rails_failover (0.5.2)
      activerecord (~> 6.0)
      railties (~> 6.0)
    rails_multisite (2.3.0)
      activerecord (> 5.0, < 7)
      railties (> 5.0, < 7)
    railties (6.0.3.1)
      actionpack (= 6.0.3.1)
      activesupport (= 6.0.3.1)
      method_source
      rake (>= 0.8.7)
      thor (>= 0.20.3, < 2.0)
    rainbow (3.0.0)
    raindrops (0.19.1)
    rake (13.0.1)
    rake-compiler (1.1.0)
      rake
    rb-fsevent (0.10.4)
    rb-inotify (0.10.1)
      ffi (~> 1.0)
    rbtrace (0.4.13)
      ffi (>= 1.0.6)
      msgpack (>= 0.4.3)
      optimist (>= 3.0.0)
    rchardet (1.8.0)
    redcarpet (3.5.0)
    redis (4.2.1)
    redis-namespace (1.7.0)
      redis (>= 3.0.4)
    regexp_parser (1.7.1)
    request_store (1.5.0)
      rack (>= 1.4)
    rexml (3.2.4)
    rinku (2.0.6)
    rotp (5.1.0)
      addressable (~> 2.5)
    rqrcode (1.1.2)
      chunky_png (~> 1.0)
      rqrcode_core (~> 0.1)
    rqrcode_core (0.1.2)
    rspec (3.9.0)
      rspec-core (~> 3.9.0)
      rspec-expectations (~> 3.9.0)
      rspec-mocks (~> 3.9.0)
    rspec-core (3.9.2)
      rspec-support (~> 3.9.3)
    rspec-expectations (3.9.2)
      diff-lcs (>= 1.2.0, < 2.0)
      rspec-support (~> 3.9.0)
    rspec-html-matchers (0.9.2)
      nokogiri (~> 1)
      rspec (>= 3.0.0.a, < 4)
    rspec-mocks (3.9.1)
      diff-lcs (>= 1.2.0, < 2.0)
      rspec-support (~> 3.9.0)
    rspec-rails (4.0.1)
      actionpack (>= 4.2)
      activesupport (>= 4.2)
      railties (>= 4.2)
      rspec-core (~> 3.9)
      rspec-expectations (~> 3.9)
      rspec-mocks (~> 3.9)
      rspec-support (~> 3.9)
    rspec-support (3.9.3)
    rswag-specs (2.3.1)
      activesupport (>= 3.1, < 7.0)
      json-schema (~> 2.2)
      railties (>= 3.1, < 7.0)
    rtlit (0.0.5)
    rubocop (0.86.0)
      parallel (~> 1.10)
      parser (>= 2.7.0.1)
      rainbow (>= 2.2.2, < 4.0)
      regexp_parser (>= 1.7)
      rexml
      rubocop-ast (>= 0.0.3, < 1.0)
      ruby-progressbar (~> 1.7)
      unicode-display_width (>= 1.4.0, < 2.0)
    rubocop-ast (0.0.3)
      parser (>= 2.7.0.1)
    rubocop-discourse (2.2.0)
      rubocop (>= 0.69.0)
      rubocop-rspec (>= 1.39.0)
    rubocop-rspec (1.40.0)
      rubocop (>= 0.68.1)
    ruby-prof (1.4.1)
    ruby-progressbar (1.10.1)
    ruby-readability (0.7.0)
      guess_html_encoding (>= 0.0.4)
      nokogiri (>= 1.6.0)
    rubyzip (2.3.0)
    safe_yaml (1.0.5)
    sanitize (5.2.1)
      crass (~> 1.0.2)
      nokogiri (>= 1.8.0)
      nokogumbo (~> 2.0)
    sassc (2.0.1)
      ffi (~> 1.9)
      rake
    sassc-rails (2.1.2)
      railties (>= 4.0.0)
      sassc (>= 2.0)
      sprockets (> 3.0)
      sprockets-rails
      tilt
    seed-fu (2.3.9)
      activerecord (>= 3.1)
      activesupport (>= 3.1)
    selectize-rails (0.12.6)
    shoulda-matchers (4.3.0)
      activesupport (>= 4.2.0)
    sidekiq (6.0.7)
      connection_pool (>= 2.2.2)
      rack (~> 2.0)
      rack-protection (>= 2.0.0)
      redis (>= 4.1.0)
    simplecov (0.18.5)
      docile (~> 1.1)
      simplecov-html (~> 0.11)
    simplecov-html (0.12.2)
    sprockets (3.7.2)
      concurrent-ruby (~> 1.0)
      rack (> 1, < 3)
    sprockets-rails (3.2.1)
      actionpack (>= 4.0)
      activesupport (>= 4.0)
      sprockets (>= 3.0.0)
    sshkey (2.0.0)
    sshkit (1.21.0)
      net-scp (>= 1.1.2)
      net-ssh (>= 2.8.0)
    stackprof (0.2.15)
    test-prof (0.11.3)
    thor (1.0.1)
    thread_safe (0.3.6)
    tilt (2.0.10)
    tzinfo (1.2.7)
      thread_safe (~> 0.1)
    uglifier (4.2.0)
      execjs (>= 0.3.0, < 3)
    unf (0.1.4)
      unf_ext
    unf_ext (0.0.7.7)
    unicode-display_width (1.7.0)
    unicorn (5.5.5)
      kgio (~> 2.6)
      raindrops (~> 0.7)
    uniform_notifier (1.13.0)
    unix-crypt (1.3.0)
    webmock (3.8.3)
      addressable (>= 2.3.6)
      crack (>= 0.3.2)
      hashdiff (>= 0.4.0, < 2.0.0)
    webpush (1.0.0)
      hkdf (~> 0.2)
      jwt (~> 2.0)
    websocket-driver (0.7.2)
      websocket-extensions (>= 0.1.0)
    websocket-extensions (0.1.5)
    yaml-lint (0.0.10)
    zeitwerk (2.4.0)

PLATFORMS
  ruby

DEPENDENCIES
  actionmailer (= 6.0.3.1)
  actionpack (= 6.0.3.1)
  actionview (= 6.0.3.1)
  actionview_precompiler
  active_model_serializers (~> 0.8.3)
  activemodel (= 6.0.3.1)
  activerecord (= 6.0.3.1)
  activesupport (= 6.0.3.1)
  addressable
  administrate-field-belongs_to_search
  administrate-field-nested_has_many!
  annotate
  annotator_store!
  aws-sdk-s3
  aws-sdk-sns
  barber
  bcrypt (= 3.1.3)
  better_errors
  binding_of_caller
  bootsnap
  bullet
  byebug
  capistrano (~> 3.14)
  capistrano-bundler (~> 1.6)
  capistrano-chruby
  capistrano-rails (~> 1.5)
  capistrano-sidekiq (= 2.0.0.beta4)
  capistrano3-puma!
  cbor
  certified
  colored2
  cose
  cppjieba_rb
  css_parser
  diffy
  discourse-ember-source (~> 3.12.2)
  discourse_image_optim
  email_reply_trimmer
  ember-handlebars-template (= 0.8.0)
  ember-rails (= 0.18.5)
  excon
  execjs
  fabrication
  fakeweb
  fast_blank
  fast_xor
  fast_xs
  fastimage
  flamegraph
  gc_tracer
  highline (~> 1.7.0)
  htmlentities
  http_accept_language
  json
  kaminari (= 1.1.1)
  listen
  lograge
  logstash-event
  logstash-logger
  logster
  lru_redux
  lz4-ruby
  mail
  maxminddb
  memory_profiler
  message_bus
  mini_mime
  mini_racer
  mini_scheduler
  mini_sql
  mini_suffix
  minitest
  mocha
  mock_redis
  multi_json
  mustache
  nokogiri
  oj
  omniauth
  omniauth-facebook
  omniauth-github
  omniauth-google-oauth2
  omniauth-instagram
  omniauth-oauth2
  omniauth-twitter
  onebox
  parallel_tests
  pg
  pry-byebug
  pry-rails
  puma
  r2
  rack (= 2.2.2)
  rack-mini-profiler
  rack-protection
  rails_failover
  rails_multisite
  railties (= 6.0.3.1)
  rake
  rb-fsevent
  rb-inotify (~> 0.9)
  rbtrace
  rchardet
  redis
  redis-namespace
  rinku
  rotp
  rqrcode
  rspec
  rspec-html-matchers
  rspec-rails
  rswag-specs
  rtlit
  rubocop-discourse
  ruby-prof
  ruby-readability
  rubyzip
  sassc (= 2.0.1)
  sassc-rails
  seed-fu
  shoulda-matchers
  sidekiq
  simplecov
  sprockets (= 3.7.2)
  sprockets-rails
  sshkey
  stackprof
  test-prof
  thor
  uglifier
  unf
  unicorn
  unix-crypt (= 1.3.0)
  webmock
  webpush
  yaml-lint

BUNDLED WITH
   2.1.4
